GEM
  remote: http://rubygems.org/
  specs:
    bson (1.2.2)
    bson_ext (1.2.2)
    diff-lcs (1.1.2)
    haml (3.0.25)
    mongo (1.2.2)
      bson (>= 1.2.2)
    rack (1.2.1)
    rack-test (0.5.7)
      rack (>= 1.0)
    rspec (2.5.0)
      rspec-core (~> 2.5.0)
      rspec-expectations (~> 2.5.0)
      rspec-mocks (~> 2.5.0)
    rspec-core (2.5.1)
    rspec-expectations (2.5.0)
      diff-lcs (~> 1.1.2)
    rspec-mocks (2.5.0)
    shotgun (0.8)
      rack (>= 1.0)
    sinatra (1.1.3)
      rack (~> 1.1)
      tilt (>= 1.2.2, < 2.0)
    tilt (1.2.2)

PLATFORMS
  ruby

DEPENDENCIES
  bson_ext
  haml
  mongo
  rack-test
  rspec
  shotgun
  sinatra
